PATH
  remote: .
  specs:
    check_please (0.2.2)
      table_print

GEM
  remote: https://rubygems.org/
  specs:
    amazing_print (1.2.2)
    diff-lcs (1.4.4)
    rake (12.3.3)
    rspec (3.10.0)
      rspec-core (~> 3.10.0)
      rspec-expectations (~> 3.10.0)
      rspec-mocks (~> 3.10.0)
    rspec-core (3.10.0)
      rspec-support (~> 3.10.0)
    rspec-expectations (3.10.0)
      diff-lcs (>= 1.2.0, < 2.0)
      rspec-support (~> 3.10.0)
    rspec-mocks (3.10.0)
      diff-lcs (>= 1.2.0, < 2.0)
      rspec-support (~> 3.10.0)
    rspec-support (3.10.0)
    table_print (1.5.7)

PLATFORMS
  ruby

DEPENDENCIES
  amazing_print
  check_please!
  rake (~> 12.0)
  rspec (~> 3.0)

BUNDLED WITH
   2.1.4
